PATH
  remote: ../jekyll
  specs:
    jekyll (0.10.0)
      classifier (>= 1.3.1)
      directory_watcher (>= 1.1.1)
      liquid (>= 1.9.0)
      maruku (>= 0.5.9)

GEM
  remote: http://rubygems.org/
  specs:
    albino (1.3.3)
      posix-spawn (>= 0.3.6)
    classifier (1.3.3)
      fast-stemmer (>= 1.0.0)
    compass (0.10.6)
      haml (>= 3.0.4)
    directory_watcher (1.4.0)
    fast-stemmer (1.0.0)
    foreman (0.60.2)
      thor (>= 0.13.6)
    haml (3.0.25)
    liquid (2.2.2)
    maruku (0.6.0)
      syntax (>= 1.0.0)
    posix-spawn (0.3.6)
    rake (0.9.2.2)
    redcarpet (2.1.1)
    syntax (1.0.0)
    thor (0.16.0)

PLATFORMS
  ruby

DEPENDENCIES
  albino
  compass (~> 0.10.6)
  foreman
  jekyll!
  rake
  redcarpet
